GEM
  remote: https://rubygems.org/
  specs:
    commander (4.1.5)
      highline (~> 1.6.11)
    highline (1.6.20)
    json (1.7.5)
    rugged (0.19.0)

PLATFORMS
  x86-mingw32

DEPENDENCIES
  commander
  json
  rugged
